PATH
  remote: ../parslet
  specs:
    parslet (1.2.0)
      blankslate (~> 2.0)

GEM
  remote: http://rubygems.org/
  specs:
    blankslate (2.1.2.3)
    diff-lcs (1.1.2)
    json (1.5.1)
    rake (0.8.7)
    rspec (2.5.0)
      rspec-core (~> 2.5.0)
      rspec-expectations (~> 2.5.0)
      rspec-mocks (~> 2.5.0)
    rspec-core (2.5.1)
    rspec-expectations (2.5.0)
      diff-lcs (~> 1.1.2)
    rspec-mocks (2.5.0)
    user_input (1.1.0)

PLATFORMS
  ruby

DEPENDENCIES
  json
  parslet!
  rake
  rspec (>= 2)
  user_input
